PATH
  remote: .
  specs:
    huey (2.1.0)
      chronic (>= 0.9.0)
      color (>= 1.4.1)
      eventmachine (>= 1.0.0)
      httparty (>= 0.9.0)
      multi_json (~> 1.8)

GEM
  remote: http://rubygems.org/
  specs:
    addressable (2.3.5)
    chronic (0.10.2)
    color (1.5.1)
    color-tools (1.3.0)
    crack (0.4.2)
      safe_yaml (~> 1.0.0)
    eventmachine (1.0.3)
    httparty (0.13.0)
      json (~> 1.8)
      multi_xml (>= 0.5.2)
    json (1.8.1)
    metaclass (0.0.4)
    minitest (5.3.1)
    mocha (1.0.0)
      metaclass (~> 0.0.1)
    multi_json (1.9.0)
    multi_xml (0.5.5)
    rake (10.1.1)
    safe_yaml (1.0.1)
    timecop (0.7.1)
    webmock (1.17.4)
      addressable (>= 2.2.7)
      crack (>= 0.3.2)
    yard (0.8.7.3)

PLATFORMS
  ruby

DEPENDENCIES
  bundler
  chronic
  color-tools
  huey!
  minitest
  mocha (~> 1.0)
  rake
  timecop
  webmock
  yard (>= 0.8.3)
