PATH
  remote: .
  specs:
    huey (0.0.1)
      eventmachine (>= 1.0.0)
      httparty (>= 0.9.0)

GEM
  remote: http://rubygems.org/
  specs:
    eventmachine (1.0.0)
    httparty (0.9.0)
      multi_json (~> 1.0)
      multi_xml
    multi_json (1.3.7)
    multi_xml (0.5.1)
    rake (0.9.5)
    yard (0.8.3)

PLATFORMS
  ruby

DEPENDENCIES
  bundler
  huey!
  rake
  yard (>= 0.8.3)
