PATH
  remote: .
  specs:
    huey (0.0.1)
      eventmachine (>= 1.0.0)
      httparty (>= 0.9.0)

GEM
  remote: http://rubygems.org/
  specs:
    addressable (2.3.2)
    coderay (1.0.7)
    crack (0.3.1)
    diff-lcs (1.1.3)
    eventmachine (1.0.0)
    github-markup (0.7.4)
    httparty (0.9.0)
      multi_json (~> 1.0)
      multi_xml
    metaclass (0.0.1)
    method_source (0.8)
    mocha (0.13.1)
      metaclass (~> 0.0.1)
    multi_json (1.3.7)
    multi_xml (0.5.1)
    pry (0.9.10)
      coderay (~> 1.0.5)
      method_source (~> 0.8)
      slop (~> 3.3.1)
    rake (0.9.5)
    rspec (2.11.0)
      rspec-core (~> 2.11.0)
      rspec-expectations (~> 2.11.0)
      rspec-mocks (~> 2.11.0)
    rspec-core (2.11.1)
    rspec-expectations (2.11.3)
      diff-lcs (~> 1.1.3)
    rspec-mocks (2.11.3)
    slop (3.3.2)
    webmock (1.9.0)
      addressable (>= 2.2.7)
      crack (>= 0.1.7)
    yard (0.8.3)

PLATFORMS
  ruby

DEPENDENCIES
  bundler
  github-markup
  huey!
  mocha
  pry
  rake
  rspec
  webmock
  yard
