PATH
  remote: .
  specs:
    huey (0.1.0)
      eventmachine (>= 1.0.0)
      httparty (>= 0.9.0)

GEM
  remote: http://rubygems.org/
  specs:
    addressable (2.3.2)
    color-tools (1.3.0)
    crack (0.3.1)
    eventmachine (1.0.0)
    httparty (0.9.0)
      multi_json (~> 1.0)
      multi_xml
    metaclass (0.0.1)
    mocha (0.13.1)
      metaclass (~> 0.0.1)
    multi_json (1.5.0)
    multi_xml (0.5.1)
    rake (0.9.5)
    webmock (1.9.0)
      addressable (>= 2.2.7)
      crack (>= 0.1.7)
    yard (0.8.3)

PLATFORMS
  ruby

DEPENDENCIES
  bundler
  color-tools
  huey!
  mocha (>= 0.13.1)
  rake
  webmock (>= 1.9.0)
  yard (>= 0.8.3)
